GEM
  remote: https://rubygems.org/
  specs:
    awesome_print (1.7.0)
    byebug (9.0.6)
    coderay (1.1.1)
    coolline (0.5.0)
      unicode_utils (~> 1.4)
    hirb (0.7.3)
    jazz_fingers (4.0.1)
      awesome_print (~> 1.6)
      hirb (~> 0.7)
      pry (~> 0.10)
      pry-byebug (~> 3.4)
      pry-coolline (~> 0.2)
      pry-doc (~> 0.6)
    method_source (0.8.2)
    pry (0.10.4)
      coderay (~> 1.1.0)
      method_source (~> 0.8.1)
      slop (~> 3.4)
    pry-byebug (3.4.2)
      byebug (~> 9.0)
      pry (~> 0.10)
    pry-coolline (0.2.5)
      coolline (~> 0.5)
    pry-doc (0.10.0)
      pry (~> 0.9)
      yard (~> 0.9)
    slop (3.6.0)
    unicode_utils (1.4.0)
    yard (0.9.8)

PLATFORMS
  ruby

DEPENDENCIES
  jazz_fingers

BUNDLED WITH
   1.14.6
